GEM
  remote: https://rubygems.org/
  specs:
    dotenv (3.1.8)
    rack (3.1.16)
    webrick (1.9.1)

PLATFORMS
  arm64-darwin-24
  ruby

DEPENDENCIES
  dotenv
  rack
  webrick

BUNDLED WITH
   2.6.9
