GEM
  remote: https://rubygems.org/
  specs:
    dotenv (3.1.8)
    rack (2.2.17)
    webrick (1.9.1)

PLATFORMS
  arm64-darwin-24
  ruby

DEPENDENCIES
  dotenv
  rack (~> 2.2)
  webrick

BUNDLED WITH
   2.6.9
